GEM
  remote: http://rubygems.org/
  specs:
    actionmailer (2.3.8)
      actionpack (= 2.3.8)
    actionpack (2.3.8)
      activesupport (= 2.3.8)
      rack (~> 1.1.0)
    activerecord (2.3.8)
      activesupport (= 2.3.8)
    activeresource (2.3.8)
      activesupport (= 2.3.8)
    activesupport (2.3.8)
    compass (0.10.5)
      haml (>= 3.0.4)
    haml (3.0.22)
    rack (1.1.0)
    radius (0.6.1)
    rails (2.3.8)
      actionmailer (= 2.3.8)
      actionpack (= 2.3.8)
      activerecord (= 2.3.8)
      activeresource (= 2.3.8)
      activesupport (= 2.3.8)
      rake (>= 0.8.3)
    rake (0.8.7)
    will_paginate (2.3.15)

PLATFORMS
  ruby

DEPENDENCIES
  compass
  rack (~> 1.1.0)
  radius
  rails (= 2.3.8)
  will_paginate
